PATH
  remote: .
  specs:
    mysql_rewinder (0.1.0)

GEM
  remote: https://rubygems.org/
  specs:
    diff-lcs (1.5.0)
    mysql2 (0.5.5)
    rake (13.1.0)
    rspec (3.12.0)
      rspec-core (~> 3.12.0)
      rspec-expectations (~> 3.12.0)
      rspec-mocks (~> 3.12.0)
    rspec-core (3.12.2)
      rspec-support (~> 3.12.0)
    rspec-expectations (3.12.3)
      diff-lcs (>= 1.2.0, < 2.0)
      rspec-support (~> 3.12.0)
    rspec-mocks (3.12.6)
      diff-lcs (>= 1.2.0, < 2.0)
      rspec-support (~> 3.12.0)
    rspec-support (3.12.1)
    trilogy (2.6.0)

PLATFORMS
  arm64-darwin
  x86_64-linux

DEPENDENCIES
  mysql2
  mysql_rewinder!
  rake (~> 13.0)
  rspec (~> 3.0)
  trilogy

BUNDLED WITH
   2.3.15
